GEM
  remote: https://rubygems.org/
  specs:
    concurrent-ruby (1.1.3)
    daemons (1.2.6)
    eventmachine (1.2.7)
    faraday (0.15.4)
      multipart-post (>= 1.2, < 3)
    finagle-thrift (1.4.2)
      thrift (~> 0.9.3)
    geocoder (1.5.0)
    multipart-post (2.0.0)
    mustermann (1.0.3)
    pg (1.1.3)
    rack (2.0.6)
    rack-protection (2.0.4)
      rack
    sinatra (2.0.4)
      mustermann (~> 1.0)
      rack (~> 2.0)
      rack-protection (= 2.0.4)
      tilt (~> 2.0)
    sucker_punch (2.1.1)
      concurrent-ruby (~> 1.0)
    thin (1.7.2)
      daemons (~> 1.0, >= 1.0.9)
      eventmachine (~> 1.0, >= 1.0.4)
      rack (>= 1, < 3)
    thrift (0.9.3.0)
    tilt (2.0.9)
    zipkin-tracer (0.29.1)
      faraday (~> 0.8)
      finagle-thrift (~> 1.4.2)
      rack (>= 1.0)
      sucker_punch (~> 2.0)

PLATFORMS
  ruby

DEPENDENCIES
  geocoder
  pg
  sinatra
  thin
  zipkin-tracer

BUNDLED WITH
   1.16.2
